GIT
  remote: git://github.com/aarongough/mini-smtp-server.git
  revision: 58fbc65d0f972733af3bb3c5f08980d41900cf8a
  specs:
    mini-smtp-server (0.0.2)

GEM
  remote: https://rubygems.org/
  specs:
    daemons (1.2.4)
    gserver (0.0.1)

PLATFORMS
  ruby

DEPENDENCIES
  daemons
  gserver
  mini-smtp-server!

BUNDLED WITH
   1.11.2
