GEM
  remote: https://rubygems.org/
  specs:
    daemons (1.2.4)
    mail (2.6.4)
      mime-types (>= 1.16, < 4)
    mime-types (3.1)
      mime-types-data (~> 3.2015)
    mime-types-data (3.2016.0521)
    net-telnet (0.1.1)
    redis (3.3.3)

PLATFORMS
  ruby

DEPENDENCIES
  daemons
  mail
  net-telnet
  redis

BUNDLED WITH
   1.14.2
